PATH
  remote: .
  specs:
    eatmysoul (0.1.1)
      daemons
      eventmachine

GEM
  remote: http://rubygems.org/
  specs:
    daemons (1.1.9)
    eventmachine (1.0.0)

PLATFORMS
  ruby

DEPENDENCIES
  eatmysoul!
